GEM
  remote: https://rubygems.org/
  specs:
    httparty (0.13.7)
      json (~> 1.8)
      multi_xml (>= 0.5.2)
    json (1.8.3)
    multi_xml (0.5.5)
    rubysl-prettyprint (2.0.3)

PLATFORMS
  ruby

DEPENDENCIES
  httparty
  rubysl-prettyprint

BUNDLED WITH
   1.12.5
